PATH
  remote: .
  specs:
    baha (0.2.0)
      docker-api (~> 1.14.0)
      json (~> 1.8.1)
      thor (~> 0.19.1)

GEM
  remote: https://rubygems.org/
  specs:
    archive-tar-minitar (0.5.2)
    codeclimate-test-reporter (0.4.7)
      simplecov (>= 0.7.1, < 1.0.0)
    diff-lcs (1.2.5)
    docile (1.1.5)
    docker-api (1.14.0)
      archive-tar-minitar
      excon (>= 0.38.0)
      json
    excon (0.45.1)
    json (1.8.2)
    multi_json (1.11.0)
    rake (10.4.2)
    rspec (3.1.0)
      rspec-core (~> 3.1.0)
      rspec-expectations (~> 3.1.0)
      rspec-mocks (~> 3.1.0)
    rspec-core (3.1.7)
      rspec-support (~> 3.1.0)
    rspec-expectations (3.1.2)
      diff-lcs (>= 1.2.0, < 2.0)
      rspec-support (~> 3.1.0)
    rspec-its (1.1.0)
      rspec-core (>= 3.0.0)
      rspec-expectations (>= 3.0.0)
    rspec-mocks (3.1.3)
      rspec-support (~> 3.1.0)
    rspec-support (3.1.2)
    simplecov (0.9.2)
      docile (~> 1.1.0)
      multi_json (~> 1.0)
      simplecov-html (~> 0.9.0)
    simplecov-html (0.9.0)
    thor (0.19.1)

PLATFORMS
  ruby

DEPENDENCIES
  baha!
  bundler (~> 1.7)
  codeclimate-test-reporter
  rake (~> 10.0)
  rspec (~> 3.1.0)
  rspec-its (~> 1.1.0)
  rspec-mocks (~> 3.1.3)
  simplecov (~> 0.9.1)
